GIT
  remote: https://97e14a4a77ae836470b265d6968429e534a371a6@github.com/workarea-commerce/workarea-a11y.git
  revision: b6bed6ab9e1669169a2df43aaa78c4348ec7d731
  specs:
    workarea-a11y (1.2.1)
      axe_core_rails (~> 3.2.2)
      workarea (>= 3.0.0)

GIT
  remote: https://97e14a4a77ae836470b265d6968429e534a371a6@github.com/workarea-commerce/workarea-ab-testing.git
  revision: f2763cb540593c694566ba6e8e4547c741b66aea
  branch: master
  specs:
    workarea-ab_testing (2.1.0)
      split (~> 3.0.0)
      workarea (~> 3.x)

GIT
  remote: https://97e14a4a77ae836470b265d6968429e534a371a6@github.com/workarea-commerce/workarea-address-verification.git
  revision: 8f274f3b158791994c524bfebf3f2ebfc1636388
  branch: master
  specs:
    workarea-address_verification (3.0.1)
      workarea (~> 3.x, >= 3.3.x)

GIT
  remote: https://97e14a4a77ae836470b265d6968429e534a371a6@github.com/workarea-commerce/workarea-api.git
  revision: 3cf4b29ac08158d61d7fd95687003676280a0bb9
  branch: v4.4-stable
  specs:
    workarea-api (4.4.7)
      raddocs (~> 2.2.0)
      swagger-blocks (~> 2.0.2)
      workarea (~> 3.x, >= 3.4.x)
      workarea-api-admin (= 4.4.7)
      workarea-api-storefront (= 4.4.7)
    workarea-api-admin (4.4.7)
      responders (~> 2.4.0)
      workarea (~> 3.x, >= 3.4.x)
    workarea-api-storefront (4.4.7)
      responders (~> 2.4.0)
      workarea (~> 3.x, >= 3.2.x)

GIT
  remote: https://97e14a4a77ae836470b265d6968429e534a371a6@github.com/workarea-commerce/workarea-b2b.git
  revision: b5840b5c0a9a02f4f2491a30d218714fbe05da43
  branch: v1.0-stable
  specs:
    workarea-b2b (1.0.3)
      workarea (~> 3.x, >= 3.4.x)

GIT
  remote: https://97e14a4a77ae836470b265d6968429e534a371a6@github.com/workarea-commerce/workarea-blog.git
  revision: b5e766453213bae704203d8688e034fa9d4f0c16
  branch: v3.4-stable
  specs:
    workarea-blog (3.4.8)
      workarea (~> 3.x, >= 3.3.x)

GIT
  remote: https://97e14a4a77ae836470b265d6968429e534a371a6@github.com/workarea-commerce/workarea-bopus.git
  revision: f43da2a2cb07b5ad7d929fbc0aa3180eb9bf665e
  branch: v1.0-stable
  specs:
    workarea-bopus (1.0.2)
      workarea (~> 3.x, >= 3.3.x)
      workarea-store_locations (~> 5.x)

GIT
  remote: https://97e14a4a77ae836470b265d6968429e534a371a6@github.com/workarea-commerce/workarea-browse-option.git
  revision: fe6ddc63aa18d3cfb7aa5c0b5f687eeeb665519f
  branch: v2.1-stable
  specs:
    workarea-browse_option (2.1.7)
      workarea (~> 3.x, >= 3.3.x)

GIT
  remote: https://97e14a4a77ae836470b265d6968429e534a371a6@github.com/workarea-commerce/workarea-content-search.git
  revision: 267020e1e689aff602aa540aafcc4f37e2fd8d48
  specs:
    workarea-content_search (1.0.8)
      workarea (~> 3.x)

GIT
  remote: https://97e14a4a77ae836470b265d6968429e534a371a6@github.com/workarea-commerce/workarea-data-file-scheduling.git
  revision: af4756e5318f3d5e5b03a56510d2ec39ba844a48
  branch: master
  specs:
    workarea-data_file_scheduling (1.1.0)
      aws-sdk-s3 (~> 1.9.1)
      workarea (~> 3.x, >= 3.4.x)

GIT
  remote: https://97e14a4a77ae836470b265d6968429e534a371a6@github.com/workarea-commerce/workarea-email-signup-popup.git
  revision: c5d039f81c75f25e7fc74b87b5a9a5c32f867a39
  specs:
    workarea-email_signup_popup (2.0.1)
      workarea (~> 3.x)

GIT
  remote: https://97e14a4a77ae836470b265d6968429e534a371a6@github.com/workarea-commerce/workarea-gdpr.git
  revision: 7c0ce07888d3d0286dbc87b4564e02a8931a53be
  branch: v1.0-stable
  specs:
    workarea-gdpr (1.0.1)
      workarea (~> 3.x, >= 3.2.0)

GIT
  remote: https://97e14a4a77ae836470b265d6968429e534a371a6@github.com/workarea-commerce/workarea-gift-cards.git
  revision: d631270f655fe9015efea90362f034141b28696f
  branch: v3.4-stable
  specs:
    workarea-gift_cards (3.4.7)
      workarea (~> 3.x, >= 3.3.x)

GIT
  remote: https://97e14a4a77ae836470b265d6968429e534a371a6@github.com/workarea-commerce/workarea-gift-wrapping.git
  revision: d93b359d8f7a6747d866aca23315b9d922249082
  branch: v1.2-stable
  specs:
    workarea-gift_wrapping (1.2.1)
      workarea (~> 3.x, >= 3.2.x)

GIT
  remote: https://97e14a4a77ae836470b265d6968429e534a371a6@github.com/workarea-commerce/workarea-google-address-autocomplete.git
  revision: 25160ff370483aa783ca5858cade55980e3f7a17
  specs:
    workarea-google_address_autocomplete (4.1.1)
      geocomplete_rails (~> 1.6.5)
      workarea (~> 3.x)

GIT
  remote: https://97e14a4a77ae836470b265d6968429e534a371a6@github.com/workarea-commerce/workarea-google-analytics.git
  revision: 0e4d6718ee9a333e64cba4bc31497c93674c46cd
  branch: v2.1-stable
  specs:
    workarea-google_analytics (2.1.5)
      workarea (~> 3.x)

GIT
  remote: https://97e14a4a77ae836470b265d6968429e534a371a6@github.com/workarea-commerce/workarea-multi-site.git
  revision: 67ae0e0144e2ead7993e3c42bf78bf31976c9a44
  branch: master
  specs:
    workarea-multi_site (3.1.5)
      workarea (~> 3.x, >= 3.4.x)

GIT
  remote: https://97e14a4a77ae836470b265d6968429e534a371a6@github.com/workarea-commerce/workarea-oms.git
  revision: edfe833ed60ec1f1a71578ef2808d01723df5796
  branch: v5.2-stable
  specs:
    workarea-oms (5.2.3)
      workarea (~> 3.x, >= 3.4.x)

GIT
  remote: https://97e14a4a77ae836470b265d6968429e534a371a6@github.com/workarea-commerce/workarea-package-products.git
  revision: 910ba1398c6b7f1c008e072e5657e548a069cffe
  branch: v3.3-stable
  specs:
    workarea-package_products (3.3.3)
      workarea (~> 3.x, >= 3.4.x)

GIT
  remote: https://97e14a4a77ae836470b265d6968429e534a371a6@github.com/workarea-commerce/workarea-paypal.git
  revision: 36b2678010db704f2e1f6acfbfdbf912829519e4
  specs:
    workarea-paypal (2.0.8)
      workarea (~> 3.x)

GIT
  remote: https://97e14a4a77ae836470b265d6968429e534a371a6@github.com/workarea-commerce/workarea-product-quickview.git
  revision: ca0b63a76a3917bc80604cf91e4c16f79b263bd1
  branch: v2.0-stable
  specs:
    workarea-product_quickview (2.0.2)
      workarea (~> 3.x)

GIT
  remote: https://97e14a4a77ae836470b265d6968429e534a371a6@github.com/workarea-commerce/workarea-quick-order.git
  revision: 11da08d16e0c7c6c99da47e78831d73191b54633
  branch: master
  specs:
    workarea-quick_order (1.0.0)
      workarea (~> 3.x, >= 3.4.x)

GIT
  remote: https://97e14a4a77ae836470b265d6968429e534a371a6@github.com/workarea-commerce/workarea-quotes.git
  revision: f187bdecbef781077e7c84be1b597111108f8a2b
  branch: v1.0-stable
  specs:
    workarea-quotes (1.0.0)
      workarea (~> 3.x, >= 3.4.x)

GIT
  remote: https://97e14a4a77ae836470b265d6968429e534a371a6@github.com/workarea-commerce/workarea-returns.git
  revision: 033a22f19a4688c7fa142c20b580be0c488c4058
  branch: v1.1-stable
  specs:
    workarea-returns (1.1.2)
      workarea (~> 3.x, >= 3.3.x)

GIT
  remote: https://97e14a4a77ae836470b265d6968429e534a371a6@github.com/workarea-commerce/workarea-reviews.git
  revision: d25add2f30c439f49e68d9989a3839c59519bc33
  branch: v3.0-stable
  specs:
    workarea-reviews (3.0.9)
      recaptcha (~> 4.3.1)
      workarea (~> 3.x, >= 3.3.x)

GIT
  remote: https://97e14a4a77ae836470b265d6968429e534a371a6@github.com/workarea-commerce/workarea-save-for-later.git
  revision: 5914a658a26ba1d51d453200f06987a3b76e9287
  branch: v1.0-stable
  specs:
    workarea-save_for_later (1.0.1)
      workarea (~> 3.x)

GIT
  remote: https://97e14a4a77ae836470b265d6968429e534a371a6@github.com/workarea-commerce/workarea-sentry.git
  revision: 6ec79f6eb01bf3565d6c14a3498a57e318ce351e
  branch: master
  specs:
    workarea-sentry (1.3.3)
      sentry-raven (~> 2.x)
      workarea (~> 3.x)

GIT
  remote: https://97e14a4a77ae836470b265d6968429e534a371a6@github.com/workarea-commerce/workarea-share.git
  revision: 7a182d5adf70877a5b182cfff606e8888f33441f
  branch: v1.2-stable
  specs:
    workarea-share (1.2.4)
      recaptcha (~> 4.3.1)
      workarea (~> 3.x)

GIT
  remote: https://97e14a4a77ae836470b265d6968429e534a371a6@github.com/workarea-commerce/workarea-shipping-estimation.git
  revision: 4fbaf1f937522b7bd6d71f5569a13c5344e8e5c0
  specs:
    workarea-shipping_estimation (1.1.2)
      workarea (~> 3.x)

GIT
  remote: https://97e14a4a77ae836470b265d6968429e534a371a6@github.com/workarea-commerce/workarea-sitemaps.git
  revision: 409eeffd5d662775b796052681f5c0a9d662002e
  specs:
    workarea-sitemaps (2.1.6)
      sitemap_generator (~> 5.3.1)
      workarea (~> 3.x)

GIT
  remote: https://97e14a4a77ae836470b265d6968429e534a371a6@github.com/workarea-commerce/workarea-split-shipping.git
  revision: 0aa88ef2508b6cc26d0efbb2952e19f4d9543a48
  branch: v1.2-stable
  specs:
    workarea-split_shipping (1.2.0)
      workarea (~> 3.x, >= 3.2.x)

GIT
  remote: https://97e14a4a77ae836470b265d6968429e534a371a6@github.com/workarea-commerce/workarea-store-locations.git
  revision: c2a1400ec6d18dcf61daa0542aaadc449d55dee5
  branch: v5.0-stable
  specs:
    workarea-store_locations (5.0.4)
      workarea (~> 3.x, >= 3.3.x)

GIT
  remote: https://97e14a4a77ae836470b265d6968429e534a371a6@github.com/workarea-commerce/workarea-subscriptions.git
  revision: 1cb11df88809ec52b271fa24b31f5f25fa8c4a9b
  branch: v1.2-stable
  specs:
    workarea-subscriptions (1.2.4)
      workarea (~> 3.x, >= 3.4.x)

GIT
  remote: https://97e14a4a77ae836470b265d6968429e534a371a6@github.com/workarea-commerce/workarea-swatches.git
  revision: 497574596b7416af085587211584b4aabf389aff
  branch: v1.0-stable
  specs:
    workarea-swatches (1.0.5)

GIT
  remote: https://97e14a4a77ae836470b265d6968429e534a371a6@github.com/workarea-commerce/workarea-variant-list.git
  revision: 4e7dfab68916bc0c98517a8926a059c2bc8a2650
  specs:
    workarea-variant_list (1.0.2)
      workarea (~> 3.x, >= 3.3.x)

GIT
  remote: https://97e14a4a77ae836470b265d6968429e534a371a6@github.com/workarea-commerce/workarea-webhooks.git
  revision: e621b797069df808f8792f66ea741076c44a5de0
  branch: master
  specs:
    workarea-webhooks (1.0.0)
      workarea (~> 3.x, >= 3.3.x)

GIT
  remote: https://97e14a4a77ae836470b265d6968429e534a371a6@github.com/workarea-commerce/workarea-wish-lists.git
  revision: 18c25115ff41e8f12e795a9d51259037f85eade0
  branch: v3.0-stable
  specs:
    workarea-wish_lists (3.0.4)
      workarea (~> 3.x, >= 3.3.x)

GIT
  remote: https://97e14a4a77ae836470b265d6968429e534a371a6@github.com/workarea-commerce/workarea.git
  revision: cb08f90940b44dc9b18ae2486976205032cd094c
  branch: v3.4-stable
  specs:
    workarea (3.4.18)
      workarea-admin (= 3.4.18)
      workarea-core (= 3.4.18)
      workarea-storefront (= 3.4.18)
      workarea-testing (= 3.4.18)
    workarea-admin (3.4.18)
      workarea-core (= 3.4.18)
      workarea-storefront (= 3.4.18)
    workarea-core (3.4.18)
      active_utils (~> 3.3.1)
      activemerchant (~> 1.52)
      autoprefixer-rails (~> 6.5.1)
      avalanche-rails (~> 1.2.0)
      bcrypt (~> 3.1.10)
      bson (~> 4.3.0)
      bundler (>= 1.8.0)
      chart-horizontalbar-rails (~> 1.0.4)
      chart-js-rails (~> 0.0.9)
      chartkick (~> 3.2.0)
      countries (~> 2.1.4)
      dragonfly (~> 1.1.2)
      dragonfly-s3_data_store (~> 1.3.0)
      easymon (~> 1.4.0)
      ejs (~> 1.1.1)
      elasticsearch (~> 5.0.1)
      faker (~> 1.8.4)
      faraday (~> 0.15.4)
      fastimage (~> 1.6.3)
      featurejs_rails (~> 1.0.1)
      geocoder (~> 1.4.4)
      haml (~> 5.0.1)
      i18n-js (~> 3.2.1)
      icalendar (~> 2.4.1)
      image_optim (~> 0.26.0)
      image_optim_pack (= 0.5.0.20171101)
      inline_svg (~> 1.3.0)
      jbuilder (~> 2.7.0)
      jquery-livetype-rails (~> 0.1.0)
      jquery-rails (~> 4.3.1)
      jquery-ui-rails (~> 6.0.1)
      jquery-unique-clone-rails (~> 1.0.0)
      jquery-validation-rails (~> 1.19.0)
      js-routes (~> 1.3.0)
      json-streamer (~> 2.0.1)
      kaminari (~> 0.17.0)
      kaminari-mongoid (~> 0.1.2)
      local_time (~> 1.0.3)
      lodash-rails (~> 4.17.4)
      logstasher (~> 1.2.2)
      loofah (~> 2.2.3)
      measured (>= 2.0)
      minitest (~> 5.10.3, >= 5.10.1)
      money-rails (~> 1.12.0)
      mongoid (~> 6.4.0)
      mongoid-active_merchant (~> 0.2.0)
      mongoid-audit_log (>= 0.5.0)
      mongoid-document_path (~> 0.1.0)
      mongoid-sample (~> 0.1.0)
      mongoid-tree (~> 2.1.0)
      net-sftp (~> 2.1.2)
      normalize-rails (~> 4.1.1)
      predictor (~> 2.3.0)
      premailer-rails (~> 1.10.1)
      puma (~> 4.0)
      rack-attack (~> 5.0.1)
      rack-timeout (~> 0.1.1)
      rails (~> 5.2.0)
      rails-decorators (~> 0.1.2)
      redcarpet (~> 3.4.0)
      redis-rack-cache (~> 2.0.2)
      redis-rails (~> 5.0.0)
      referer-parser (~> 0.3.0)
      ruby-stemmer (~> 0.9.6)
      rufus-scheduler (< 3.5.0)
      sassc-rails (~> 1.3.0)
      select2-rails (~> 4.0.3)
      serviceworker-rails (~> 0.5.5)
      sidekiq (~> 5.2.2)
      sidekiq-cron (~> 0.6.3)
      sidekiq-throttled (~> 0.8.2)
      sidekiq-unique-jobs (~> 6.0.6)
      spectrum-rails (~> 1.8.0)
      sprockets (~> 3.7.2)
      sprockets-rails (~> 3.2.0)
      strftime-rails (~> 0.9.2)
      tooltipster-rails (~> 4.1.2)
      turbolinks (~> 5.0.1)
      waypoints_rails (~> 4.0.1)
      webcomponentsjs-rails (~> 0.7.12)
      wysihtml-rails (~> 0.6.x)
    workarea-storefront (3.4.18)
      workarea-core (= 3.4.18)
    workarea-testing (3.4.18)
      capybara (~> 3.18)
      launchy (~> 2.4.3)
      minitest-retry (~> 0.1.5)
      mocha (~> 1.3.0)
      selenium-webdriver (~> 3.142)
      teaspoon (~> 1.1.5)
      teaspoon-mocha (~> 2.3.3)
      vcr (~> 2.9.0)
      webdrivers (~> 3.0)
      webmock (~> 3.5.0)
      workarea-core (= 3.4.18)

GEM
  remote: https://rubygems.org/
  specs:
    actioncable (5.2.3)
      actionpack (= 5.2.3)
      nio4r (~> 2.0)
      websocket-driver (>= 0.6.1)
    actionmailer (5.2.3)
      actionpack (= 5.2.3)
      actionview (= 5.2.3)
      activejob (= 5.2.3)
      mail (~> 2.5, >= 2.5.4)
      rails-dom-testing (~> 2.0)
    actionpack (5.2.3)
      actionview (= 5.2.3)
      activesupport (= 5.2.3)
      rack (~> 2.0)
      rack-test (>= 0.6.3)
      rails-dom-testing (~> 2.0)
      rails-html-sanitizer (~> 1.0, >= 1.0.2)
    actionview (5.2.3)
      activesupport (= 5.2.3)
      builder (~> 3.1)
      erubi (~> 1.4)
      rails-dom-testing (~> 2.0)
      rails-html-sanitizer (~> 1.0, >= 1.0.3)
    active_utils (3.3.16)
      activesupport (>= 4.2)
      i18n
    activejob (5.2.3)
      activesupport (= 5.2.3)
      globalid (>= 0.3.6)
    activemerchant (1.99.0)
      activesupport (>= 4.2)
      builder (>= 2.1.2, < 4.0.0)
      i18n (>= 0.6.9)
      nokogiri (~> 1.4)
    activemodel (5.2.3)
      activesupport (= 5.2.3)
    activerecord (5.2.3)
      activemodel (= 5.2.3)
      activesupport (= 5.2.3)
      arel (>= 9.0)
    activestorage (5.2.3)
      actionpack (= 5.2.3)
      activerecord (= 5.2.3)
      marcel (~> 0.3.1)
    activesupport (5.2.3)
      concurrent-ruby (~> 1.0, >= 1.0.2)
      i18n (>= 0.7, < 2)
      minitest (~> 5.1)
      tzinfo (~> 1.1)
    addressable (2.7.0)
      public_suffix (>= 2.0.2, < 5.0)
    arel (9.0.0)
    autoprefixer-rails (6.5.4)
      execjs
    avalanche-rails (1.2.0)
    aws-eventstream (1.0.3)
    aws-partitions (1.221.0)
    aws-sdk-core (3.68.1)
      aws-eventstream (~> 1.0, >= 1.0.2)
      aws-partitions (~> 1.0)
      aws-sigv4 (~> 1.1)
      jmespath (~> 1.0)
    aws-sdk-kms (1.24.0)
      aws-sdk-core (~> 3, >= 3.61.1)
      aws-sigv4 (~> 1.1)
    aws-sdk-s3 (1.9.1)
      aws-sdk-core (~> 3)
      aws-sdk-kms (~> 1)
      aws-sigv4 (~> 1.0)
    aws-sigv4 (1.1.0)
      aws-eventstream (~> 1.0, >= 1.0.2)
    axe_core_rails (3.2.2)
      rails (>= 5.2.2.1, >= 5.0.0)
    bcrypt (3.1.13)
    bindex (0.8.1)
    bson (4.3.0)
    builder (3.2.3)
    capybara (3.29.0)
      addressable
      mini_mime (>= 0.1.3)
      nokogiri (~> 1.8)
      rack (>= 1.6.0)
      rack-test (>= 0.6.3)
      regexp_parser (~> 1.5)
      xpath (~> 3.2)
    chart-horizontalbar-rails (1.0.4)
    chart-js-rails (0.0.9)
      railties (> 3.1)
    chartkick (3.2.1)
    childprocess (3.0.0)
    coffee-rails (5.0.0)
      coffee-script (>= 2.2.0)
      railties (>= 5.2.0)
    coffee-script (2.4.1)
      coffee-script-source
      execjs
    coffee-script-source (1.12.2)
    concurrent-ruby (1.1.5)
    connection_pool (2.2.2)
    countries (2.1.4)
      i18n_data (~> 0.8.0)
      money (~> 6.9)
      sixarm_ruby_unaccent (~> 1.1)
      unicode_utils (~> 1.4)
    crack (0.4.3)
      safe_yaml (~> 1.0.0)
    crass (1.0.4)
    css_parser (1.7.0)
      addressable
    dragonfly (1.1.5)
      addressable (~> 2.3)
      multi_json (~> 1.0)
      rack (>= 1.3)
    dragonfly-s3_data_store (1.3.0)
      dragonfly (~> 1.0)
      fog-aws
    easymon (1.4.2)
      redis
    ejs (1.1.1)
    elasticsearch (5.0.5)
      elasticsearch-api (= 5.0.5)
      elasticsearch-transport (= 5.0.5)
    elasticsearch-api (5.0.5)
      multi_json
    elasticsearch-transport (5.0.5)
      faraday
      multi_json
    erubi (1.9.0)
    et-orbi (1.2.2)
      tzinfo
    excon (0.67.0)
    execjs (2.7.0)
    exifr (1.3.6)
    faker (1.8.7)
      i18n (>= 0.7)
    faraday (0.15.4)
      multipart-post (>= 1.2, < 3)
    fastimage (1.6.8)
      addressable (~> 2.3, >= 2.3.5)
    featurejs_rails (1.0.1.1)
    ffi (1.9.25)
    fog-aws (3.5.2)
      fog-core (~> 2.1)
      fog-json (~> 1.1)
      fog-xml (~> 0.1)
      ipaddress (~> 0.8)
    fog-core (2.1.2)
      builder
      excon (~> 0.58)
      formatador (~> 0.2)
      mime-types
    fog-json (1.2.0)
      fog-core
      multi_json (~> 1.10)
    fog-xml (0.1.3)
      fog-core
      nokogiri (>= 1.5.11, < 2.0.0)
    formatador (0.2.5)
    fspath (3.1.2)
    geocoder (1.4.9)
    geocomplete_rails (1.6.5)
      railties (>= 3.1)
    globalid (0.4.2)
      activesupport (>= 4.2.0)
    haml (5.0.4)
      temple (>= 0.8.0)
      tilt
    hashdiff (1.0.0)
    htmlentities (4.3.4)
    i18n (1.0.1)
      concurrent-ruby (~> 1.0)
    i18n-js (3.2.3)
      i18n (>= 0.6.6)
    i18n_data (0.8.0)
    icalendar (2.4.1)
    image_optim (0.26.5)
      exifr (~> 1.2, >= 1.2.2)
      fspath (~> 3.0)
      image_size (>= 1.5, < 3)
      in_threads (~> 1.3)
      progress (~> 3.0, >= 3.0.1)
    image_optim_pack (0.5.0.20171101)
      fspath (>= 2.1, < 4)
      image_optim (~> 0.19)
    image_size (2.0.2)
    in_threads (1.5.3)
    inline_svg (1.3.1)
      activesupport (>= 3.0)
      nokogiri (>= 1.6)
    ipaddress (0.8.3)
    jbuilder (2.7.0)
      activesupport (>= 4.2.0)
      multi_json (>= 1.2)
    jmespath (1.4.0)
    jquery-livetype-rails (0.1.0)
    jquery-rails (4.3.5)
      rails-dom-testing (>= 1, < 3)
      railties (>= 4.2.0)
      thor (>= 0.14, < 2.0)
    jquery-ui-rails (6.0.1)
      railties (>= 3.2.16)
    jquery-unique-clone-rails (1.0.0)
    jquery-validation-rails (1.19.0)
    js-routes (1.3.3)
      railties (>= 3.2)
      sprockets-rails
    json (2.2.0)
    json-stream (0.2.1)
    json-streamer (2.0.1)
      json-stream
    kaminari (0.17.0)
      actionpack (>= 3.0.0)
      activesupport (>= 3.0.0)
    kaminari-mongoid (0.1.2)
      kaminari
    launchy (2.4.3)
      addressable (~> 2.3)
    listen (3.1.5)
      rb-fsevent (~> 0.9, >= 0.9.4)
      rb-inotify (~> 0.9, >= 0.9.7)
      ruby_dep (~> 1.2)
    local_time (1.0.3)
      coffee-rails
    lodash-rails (4.17.14)
      railties (>= 3.1)
    logstash-event (1.2.02)
    logstasher (1.2.2)
      activesupport (>= 4.0)
      logstash-event (~> 1.2.0)
      request_store
    loofah (2.2.3)
      crass (~> 1.0.2)
      nokogiri (>= 1.5.9)
    mail (2.7.1)
      mini_mime (>= 0.1.1)
    marcel (0.3.3)
      mimemagic (~> 0.3.2)
    measured (2.5.1)
      activesupport (>= 5.0)
    metaclass (0.0.4)
    method_source (0.9.2)
    mime-types (3.3)
      mime-types-data (~> 3.2015)
    mime-types-data (3.2019.1009)
    mimemagic (0.3.3)
    mini_mime (1.0.2)
    mini_portile2 (2.4.0)
    minitest (5.10.3)
    minitest-retry (0.1.9)
      minitest (>= 5.0)
    mocha (1.3.0)
      metaclass (~> 0.0.1)
    monetize (1.9.2)
      money (~> 6.12)
    money (6.12.0)
      i18n (>= 0.6.4, < 1.1)
    money-rails (1.12.0)
      activesupport (>= 3.0)
      monetize (~> 1.9.0)
      money (~> 6.12.0)
      railties (>= 3.0)
    mongo (2.6.4)
      bson (>= 4.3.0, < 5.0.0)
    mongoid (6.4.4)
      activemodel (>= 5.1, < 6.0.0)
      mongo (>= 2.5.1, < 3.0.0)
    mongoid-active_merchant (0.2.2)
      activemerchant (>= 1.52)
      mongoid (>= 4.0.0)
    mongoid-audit_log (0.5.0)
      mongoid (>= 4.0)
    mongoid-document_path (0.1.0)
      mongoid (>= 6.0)
    mongoid-sample (0.1.0)
      mongoid (>= 4.0)
    mongoid-tree (2.1.1)
      mongoid (>= 4.0, < 8)
    multi_json (1.13.1)
    multipart-post (2.1.1)
    mustermann (1.0.3)
    net-sftp (2.1.2)
      net-ssh (>= 2.6.5)
    net-ssh (5.2.0)
    nio4r (2.5.2)
    nokogiri (1.10.4)
      mini_portile2 (~> 2.4.0)
    normalize-rails (4.1.1)
    predictor (2.3.1)
      redis (>= 3.0.0)
    premailer (1.11.1)
      addressable
      css_parser (>= 1.6.0)
      htmlentities (>= 4.0.0)
    premailer-rails (1.10.3)
      actionmailer (>= 3)
      premailer (~> 1.7, >= 1.7.9)
    progress (3.5.2)
    public_suffix (4.0.1)
    puma (4.2.1)
      nio4r (~> 2.0)
    rack (2.0.7)
    rack-attack (5.0.1)
      rack
    rack-cache (1.9.0)
      rack (>= 0.4)
    rack-protection (2.0.7)
      rack
    rack-test (1.1.0)
      rack (>= 1.0, < 3)
    rack-timeout (0.1.2)
    raddocs (2.2.0)
      haml (>= 4.0)
      json
      sinatra (~> 2.0)
    rails (5.2.3)
      actioncable (= 5.2.3)
      actionmailer (= 5.2.3)
      actionpack (= 5.2.3)
      actionview (= 5.2.3)
      activejob (= 5.2.3)
      activemodel (= 5.2.3)
      activerecord (= 5.2.3)
      activestorage (= 5.2.3)
      activesupport (= 5.2.3)
      bundler (>= 1.3.0)
      railties (= 5.2.3)
      sprockets-rails (>= 2.0.0)
    rails-decorators (0.1.3)
      rails (>= 5.0.2, < 6.0.0)
    rails-dom-testing (2.0.3)
      activesupport (>= 4.2.0)
      nokogiri (>= 1.6)
    rails-html-sanitizer (1.2.0)
      loofah (~> 2.2, >= 2.2.2)
    railties (5.2.3)
      actionpack (= 5.2.3)
      activesupport (= 5.2.3)
      method_source
      rake (>= 0.8.7)
      thor (>= 0.19.0, < 2.0)
    rake (13.0.0)
    rb-fsevent (0.10.3)
    rb-inotify (0.10.0)
      ffi (~> 1.0)
    recaptcha (4.3.1)
      json
    redcarpet (3.4.0)
    redis (4.1.3)
    redis-actionpack (5.1.0)
      actionpack (>= 4.0, < 7)
      redis-rack (>= 1, < 3)
      redis-store (>= 1.1.0, < 2)
    redis-activesupport (5.2.0)
      activesupport (>= 3, < 7)
      redis-store (>= 1.3, < 2)
    redis-prescription (1.0.0)
    redis-rack (2.0.6)
      rack (>= 1.5, < 3)
      redis-store (>= 1.2, < 2)
    redis-rack-cache (2.0.2)
      rack-cache (>= 1.6, < 2)
      redis-store (>= 1.2, < 2)
    redis-rails (5.0.2)
      redis-actionpack (>= 5.0, < 6)
      redis-activesupport (>= 5.0, < 6)
      redis-store (>= 1.2, < 2)
    redis-store (1.8.0)
      redis (>= 4, < 5)
    referer-parser (0.3.0)
    regexp_parser (1.6.0)
    request_store (1.4.1)
      rack (>= 1.4)
    responders (2.4.1)
      actionpack (>= 4.2.0, < 6.0)
      railties (>= 4.2.0, < 6.0)
    ruby-stemmer (0.9.6)
    ruby_dep (1.5.0)
    rubyzip (1.3.0)
    rufus-scheduler (3.4.2)
      et-orbi (~> 1.0)
    safe_yaml (1.0.5)
    sass (3.7.4)
      sass-listen (~> 4.0.0)
    sass-listen (4.0.0)
      rb-fsevent (~> 0.9, >= 0.9.4)
      rb-inotify (~> 0.9, >= 0.9.7)
    sassc (1.12.1)
      ffi (~> 1.9.6)
      sass (>= 3.3.0)
    sassc-rails (1.3.0)
      railties (>= 4.0.0)
      sass
      sassc (~> 1.9)
      sprockets (> 2.11)
      sprockets-rails
      tilt
    select2-rails (4.0.3)
      thor (~> 0.14)
    selenium-webdriver (3.142.6)
      childprocess (>= 0.5, < 4.0)
      rubyzip (>= 1.2.2)
    sentry-raven (2.11.3)
      faraday (>= 0.7.6, < 1.0)
    serviceworker-rails (0.5.5)
      railties (>= 3.1)
    sidekiq (5.2.7)
      connection_pool (~> 2.2, >= 2.2.2)
      rack (>= 1.5.0)
      rack-protection (>= 1.5.0)
      redis (>= 3.3.5, < 5)
    sidekiq-cron (0.6.3)
      rufus-scheduler (>= 3.3.0)
      sidekiq (>= 4.2.1)
    sidekiq-throttled (0.8.2)
      redis-prescription
      sidekiq
    sidekiq-unique-jobs (6.0.15)
      concurrent-ruby (~> 1.0, >= 1.0.5)
      sidekiq (>= 4.0, < 7.0)
      thor (~> 0)
    simple-random (1.0.3)
    sinatra (2.0.7)
      mustermann (~> 1.0)
      rack (~> 2.0)
      rack-protection (= 2.0.7)
      tilt (~> 2.0)
    sitemap_generator (5.3.1)
      builder (~> 3.0)
    sixarm_ruby_unaccent (1.2.0)
    spectrum-rails (1.8.0)
      railties (>= 3.1)
    split (3.0.0)
      redis (>= 2.1)
      simple-random (>= 0.9.3)
      sinatra (>= 1.2.6)
    sprockets (3.7.2)
      concurrent-ruby (~> 1.0)
      rack (> 1, < 3)
    sprockets-rails (3.2.1)
      actionpack (>= 4.0)
      activesupport (>= 4.0)
      sprockets (>= 3.0.0)
    strftime-rails (0.9.2)
    swagger-blocks (2.0.2)
    teaspoon (1.1.5)
      railties (>= 3.2.5, < 6)
    teaspoon-mocha (2.3.3)
      teaspoon (>= 1.0.0)
    temple (0.8.2)
    thor (0.20.3)
    thread_safe (0.3.6)
    tilt (2.0.10)
    tooltipster-rails (4.1.2)
    turbolinks (5.0.1)
      turbolinks-source (~> 5)
    turbolinks-source (5.2.0)
    tzinfo (1.2.5)
      thread_safe (~> 0.1)
    unicode_utils (1.4.0)
    vcr (2.9.3)
    waypoints_rails (4.0.1)
    web-console (3.7.0)
      actionview (>= 5.0)
      activemodel (>= 5.0)
      bindex (>= 0.4.0)
      railties (>= 5.0)
    webcomponentsjs-rails (0.7.12)
    webdrivers (3.9.4)
      nokogiri (~> 1.6)
      rubyzip (~> 1.0)
      selenium-webdriver (~> 3.0)
    webmock (3.5.1)
      addressable (>= 2.3.6)
      crack (>= 0.3.2)
      hashdiff
    websocket-driver (0.7.1)
      websocket-extensions (>= 0.1.0)
    websocket-extensions (0.1.4)
    wysihtml-rails (0.6.0.beta2)
      railties (>= 3.1.0)
    xpath (3.2.0)
      nokogiri (~> 1.8)

PLATFORMS
  ruby

DEPENDENCIES
  capybara
  listen (>= 3.0.5, < 3.2)
  selenium-webdriver
  web-console (>= 3.3.0)
  workarea!
  workarea-a11y!
  workarea-ab_testing!
  workarea-address_verification!
  workarea-api!
  workarea-b2b!
  workarea-blog!
  workarea-bopus!
  workarea-browse_option!
  workarea-content_search!
  workarea-data_file_scheduling!
  workarea-email_signup_popup!
  workarea-gdpr!
  workarea-gift_cards!
  workarea-gift_wrapping!
  workarea-google_address_autocomplete!
  workarea-google_analytics!
  workarea-multi_site!
  workarea-oms!
  workarea-package_products!
  workarea-paypal!
  workarea-product_quickview!
  workarea-quick_order!
  workarea-quotes!
  workarea-returns!
  workarea-reviews!
  workarea-save_for_later!
  workarea-sentry!
  workarea-share!
  workarea-shipping_estimation!
  workarea-sitemaps!
  workarea-split_shipping!
  workarea-store_locations!
  workarea-subscriptions!
  workarea-swatches!
  workarea-variant_list!
  workarea-webhooks!
  workarea-wish_lists!

BUNDLED WITH
   2.0.2
